PATH
  remote: .
  specs:
    countries (0.8.2)
      currencies (>= 0.4.0)

PATH
  remote: /home/dave/work/contrib/currencies
  specs:
    currencies (0.4.0)

GEM
  remote: https://rubygems.org/
  specs:
    diff-lcs (1.1.3)
    rake (0.9.2.2)
    rspec (2.10.0)
      rspec-core (~> 2.10.0)
      rspec-expectations (~> 2.10.0)
      rspec-mocks (~> 2.10.0)
    rspec-core (2.10.0)
    rspec-expectations (2.10.0)
      diff-lcs (~> 1.1.3)
    rspec-mocks (2.10.1)
    yard (0.6.4)

PLATFORMS
  ruby

DEPENDENCIES
  countries!
  currencies!
  rake
  rspec
  yard
