GEM
  remote: http://rubygems.org/
  specs:
    currencies (0.4.0)
    git (1.2.5)
    jeweler (1.6.4)
      bundler (~> 1.0)
      git (>= 1.2.5)
      rake
    rake (0.8.7)
    rspec (1.3.1)
    yard (0.6.4)

PLATFORMS
  ruby

DEPENDENCIES
  currencies (= 0.4.0)
  jeweler (>= 1.6.4)
  rake
  rspec (= 1.3.1)
  yard (= 0.6.4)
