GEM
  remote: http://rubygems.org/
  specs:
    currencies (0.4.0)
    gemcutter (0.6.1)
    jeweler (1.4.0)
    git (>= 1.2.5)
    json_pure (1.5.1)
    rspec (1.3.1)
    rubyforge (2.0.4)
    yard (0.6.4)

PLATFORMS
  ruby

DEPENDENCIES
  currencies (= 0.4.0)
  jeweler (= 1.4.0)
  rspec (= 1.3.1)
  yard (= 0.6.4)
